GIT
  remote: git://github.com/Invoca/rack.git
  revision: 3674438ca5d4ec83088438446f48db1e0a1ccb1b
  branch: invoca-1.4.5
  specs:
    rack (1.4.5)

PATH
  remote: .
  specs:
    google-adwords-api (0.20.1)
      google-ads-common (~> 0.12.3)

GEM
  remote: https://rubygems.org/
  specs:
    addressable (2.3.8)
    akami (1.3.1)
      gyoku (>= 0.4.0)
      nokogiri
    builder (3.2.2)
    crack (0.4.2)
      safe_yaml (~> 1.0.0)
    faraday (0.9.2)
      multipart-post (>= 1.2, < 3)
    google-ads-common (0.12.3)
      google-ads-savon (~> 1.0.1)
      httpclient (~> 2.7)
      httpi (~> 2.3)
      signet (~> 0.7.0)
    google-ads-savon (1.0.1)
      akami (~> 1.2)
      builder (>= 2.1.2)
      gyoku (~> 1.2)
      httpi (~> 2.3)
      nokogiri (>= 1.4.0)
      nori (~> 2.4)
      wasabi (~> 3.4)
    gyoku (1.3.1)
      builder (>= 2.1.2)
    httpclient (2.8.2.2)
    httpi (2.4.2)
      rack
      socksify
    jwt (1.5.4)
    mini_portile2 (2.1.0)
    multi_json (1.12.1)
    multipart-post (2.0.0)
    nokogiri (1.6.8)
      mini_portile2 (~> 2.1.0)
      pkg-config (~> 1.1.7)
    nori (2.6.0)
    pkg-config (1.1.7)
    rake (11.1.2)
    rr (1.1.2)
    safe_yaml (1.0.4)
    signet (0.7.3)
      addressable (~> 2.3)
      faraday (~> 0.9)
      jwt (~> 1.5)
      multi_json (~> 1.10)
    socksify (1.7.0)
    wasabi (3.5.0)
      httpi (~> 2.0)
      nokogiri (>= 1.4.2)
    webmock (1.21.0)
      addressable (>= 2.3.6)
      crack (>= 0.3.2)

PLATFORMS
  ruby

DEPENDENCIES
  google-adwords-api!
  rack (~> 1.4.0)!
  rake
  rr (~> 1.1.2)
  webmock (~> 1.21.0)

RUBY VERSION
   ruby 2.1.9p490

BUNDLED WITH
   1.13.0.rc.1
